PATH
  remote: .
  specs:
    dian_ping (0.1.0)
      httparty

GEM
  remote: http://rubygems.org/
  specs:
    ansi (1.4.3)
    coderay (1.0.9)
    httparty (0.13.0)
      json (~> 1.8)
      multi_xml (>= 0.5.2)
    json (1.8.1)
    method_source (0.8.2)
    minitest (5.0.8)
    multi_xml (0.5.5)
    pry (0.9.12.2)
      coderay (~> 1.0.5)
      method_source (~> 0.8)
      slop (~> 3.4)
    rake (10.1.0)
    slop (3.4.6)
    turn (0.9.6)
      ansi
    yard (0.8.7.2)

PLATFORMS
  ruby

DEPENDENCIES
  dian_ping!
  minitest
  pry
  rake
  turn
  yard
